GEM
  remote: https://rubygems.org/
  specs:
    base64 (0.2.0)
    csv (3.3.0)
    json (2.8.2)
    logger (1.6.1)
    multi_json (1.15.0)
    mustermann (3.0.3)
      ruby2_keywords (~> 0.0.1)
    nio4r (2.7.4)
    puma (6.5.0)
      nio4r (~> 2.0)
    rack (3.1.8)
    rack-protection (4.1.1)
      base64 (>= 0.1.0)
      logger (>= 1.6.0)
      rack (>= 3.0.0, < 4)
    rack-session (2.0.0)
      rack (>= 3.0.0)
    rackup (2.2.1)
      rack (>= 3)
    ruby2_keywords (0.0.5)
    sinatra (4.1.1)
      logger (>= 1.6.0)
      mustermann (~> 3.0)
      rack (>= 3.0.0, < 4)
      rack-protection (= 4.1.1)
      rack-session (>= 2.0.0, < 3)
      tilt (~> 2.0)
    sinatra-contrib (4.1.1)
      multi_json (>= 0.0.2)
      mustermann (~> 3.0)
      rack-protection (= 4.1.1)
      sinatra (= 4.1.1)
      tilt (~> 2.0)
    sinatra-cross_origin (0.4.0)
    tilt (2.4.0)

PLATFORMS
  arm64-darwin-24
  ruby
  x86_64-linux

DEPENDENCIES
  csv
  json
  puma
  rackup
  sinatra
  sinatra-contrib
  sinatra-cross_origin

RUBY VERSION
   ruby 3.3.5p100

BUNDLED WITH
   2.5.16
